GEM
  remote: https://rubygems.org/
  specs:
    RubyInline (3.12.4)
      ZenTest (~> 4.3)
    ZenTest (4.11.1)

PLATFORMS
  ruby

DEPENDENCIES
  RubyInline

BUNDLED WITH
   1.16.2
