GEM
  remote: https://rubygems.org/
  specs:
    rice (2.1.2)

PLATFORMS
  ruby

DEPENDENCIES
  rice

BUNDLED WITH
   1.16.2
